GEM
  remote: https://rubygems.org/
  specs:
    discogs-wrapper (2.5.1)
      hashie (~> 3.0)
      httparty (~> 0.14)
      oauth (~> 0.5.1)
    hashie (3.6.0)
    httparty (0.18.1)
      mime-types (~> 3.0)
      multi_xml (>= 0.5.2)
    io-console (0.5.9)
    irb (1.3.5)
      reline (>= 0.1.5)
    levenshtein (0.2.2)
    mime-types (3.3.1)
      mime-types-data (~> 3.2015)
    mime-types-data (3.2021.0225)
    multi_xml (0.6.0)
    nokogiri (1.11.3-x86_64-linux)
      racc (~> 1.4)
    oauth (0.5.6)
    racc (1.5.2)
    rake (13.0.3)
    reline (0.2.5)
      io-console (~> 0.5)

PLATFORMS
  x86_64-linux

DEPENDENCIES
  discogs-wrapper (~> 2.5)
  httparty (~> 0.18.1)
  irb (~> 1.3)
  levenshtein (~> 0.2.2)
  nokogiri (~> 1.11)
  rake (~> 13.0)

BUNDLED WITH
   2.2.16
